GEM
  remote: https://rubygems.org/
  specs:

PLATFORMS
  universal-java-11
  x64-mingw-ucrt

DEPENDENCIES

BUNDLED WITH
   2.3.25
