GEM
  remote: https://rubygems.org/
  specs:

PLATFORMS
  arm64-darwin-22
  universal-java-11
  x64-mingw-ucrt

DEPENDENCIES

BUNDLED WITH
   2.4.6
